PATH
  remote: .
  specs:
    GfreshPoint (0.1.0)

GEM
  remote: https://rubygems.org/
  specs:
    coderay (1.1.2)
    method_source (0.9.2)
    minitest (5.11.3)
    pry (0.12.2)
      coderay (~> 1.1.0)
      method_source (~> 0.9.0)
    pry-doc (1.0.0)
      pry (~> 0.11)
      yard (~> 0.9.11)
    rake (10.5.0)
    yard (0.9.19)

PLATFORMS
  ruby

DEPENDENCIES
  GfreshPoint!
  bundler (~> 2.0)
  minitest (~> 5.0)
  pry-doc
  rake (~> 10.0)

BUNDLED WITH
   2.0.1
